GEM
  remote: https://rubygems.org/
  specs:
    json (2.2.0)
    mysql2 (0.5.2)
    rack (2.0.7)
    rack-cache (1.9.0)
      rack (>= 0.4)
    sequel (5.19.0)
    sqlite3 (1.4.0)

PLATFORMS
  ruby

DEPENDENCIES
  json
  mysql2
  rack (>= 1.6.11)
  rack-cache
  sequel
  sqlite3

RUBY VERSION
   ruby 2.6.1p33

BUNDLED WITH
   1.17.2
